GEM
  remote: https://rubygems.org/
  specs:
    git_repository (0.0.11)
    net-sftp (2.0.5)
      net-ssh (>= 2.0.9)
    net-ssh (2.6.2)

PLATFORMS
  ruby

DEPENDENCIES
  git_repository
  net-sftp
